GEM
  remote: http://rubygems.org/
  specs:
    activesupport (3.2.11)
      i18n (~> 0.6)
      multi_json (~> 1.0)
    addressable (2.3.2)
    bouncy-castle-java (1.5.0146.1)
    bourne (1.1.2)
      mocha (= 0.10.5)
    crack (0.3.2)
    diff-lcs (1.1.3)
    faraday (0.8.4)
      multipart-post (~> 1.1)
    faraday_middleware (0.9.0)
      faraday (>= 0.7.4, < 0.9)
    git (1.2.5)
    hashie (1.2.0)
    i18n (0.6.1)
    jeweler (1.8.4)
      bundler (~> 1.0)
      git (>= 1.2.5)
      rake
      rdoc
    jruby-openssl (0.8.2)
      bouncy-castle-java (>= 1.5.0146.1)
    json (1.7.6)
    json (1.7.6-java)
    metaclass (0.0.1)
    mocha (0.10.5)
      metaclass (~> 0.0.1)
    multi_json (1.5.0)
    multipart-post (1.1.5)
    rake (10.0.3)
    rdoc (3.12)
      json (~> 1.4)
    rspec (2.11.0)
      rspec-core (~> 2.11.0)
      rspec-expectations (~> 2.11.0)
      rspec-mocks (~> 2.11.0)
    rspec-core (2.11.1)
    rspec-expectations (2.11.3)
      diff-lcs (~> 1.1.3)
    rspec-mocks (2.11.3)
    shoulda (3.3.2)
      shoulda-context (~> 1.0.1)
      shoulda-matchers (~> 1.4.1)
    shoulda-context (1.0.2)
    shoulda-matchers (1.4.2)
      activesupport (>= 3.0.0)
      bourne (~> 1.1.2)
    webmock (1.9.0)
      addressable (>= 2.2.7)
      crack (>= 0.1.7)

PLATFORMS
  java
  ruby

DEPENDENCIES
  faraday
  faraday_middleware
  hashie
  jeweler (~> 1.8.4)
  jruby-openssl
  rake
  rdoc (~> 3.12)
  rspec (~> 2.11.0)
  shoulda
  webmock
